PATH
  remote: .
  specs:
    quotypie (0.0.2)

GEM
  remote: https://rubygems.org/
  specs:
    power_assert (2.0.1)
    rake (13.0.6)
    test-unit (3.5.3)
      power_assert

PLATFORMS
  arm64-darwin-21
  x86_64-linux

DEPENDENCIES
  quotypie!
  rake (~> 13.0)
  test-unit (~> 3.0)

BUNDLED WITH
   2.4.11
